GIT
  remote: https://github.com/diclophis/syncretizer.git
  revision: 7f28fd8c65b02d20d441e9bade4092a982892e4e
  branch: master
  specs:
    syncretizer (0.0.1)
      hana

GIT
  remote: https://github.com/mavenlink/libuv.git
  revision: 4f8055f8bf657ac9252058f53d7e982af3fd7bff
  branch: with-updated-may
  specs:
    libuv (3.1.7)
      concurrent-ruby (~> 1.0)
      ffi (~> 1.9)
      ruby-tls (~> 2.1)

PATH
  remote: .
  specs:
    bespoked (0.1.0)
      http_parser.rb
      libuv
      rack
      yajl-ruby

GEM
  remote: https://rubygems.org/
  specs:
    acme-client (0.6.1)
      faraday (~> 0.9, >= 0.9.1)
    concurrent-ruby (1.0.5)
    faraday (0.12.1)
      multipart-post (>= 1.2, < 3)
    ffi (1.9.18)
    ffi-compiler (1.0.1)
      ffi (>= 1.0.0)
      rake
    hana (1.3.3)
    http_parser.rb (0.6.0)
    json (1.8.3)
    minitest (5.7.0)
    multipart-post (2.0.0)
    rack (2.0.7)
    rake (12.0.0)
    ruby-tls (2.3.0)
      concurrent-ruby (~> 1.0)
      ffi-compiler (>= 1.0, < 2.0)
    yajl-ruby (1.3.0)

PLATFORMS
  ruby

DEPENDENCIES
  acme-client
  bespoked!
  json
  libuv!
  minitest (= 5.7.0)
  syncretizer!

BUNDLED WITH
   1.13.6
