GEM
  remote: https://rubygems.org/
  specs:
    yajl-ruby (1.2.1)

PLATFORMS
  ruby

DEPENDENCIES
  yajl-ruby
