GIT
  remote: https://github.com/mavenlink/libuv.git
  revision: 722fdfe48ce462cb3fbecc99b9195b0b0935c6a9
  branch: with-upstream-master
  specs:
    libuv (3.1.3)
      concurrent-ruby (~> 1.0)
      ffi (~> 1.9)
      ruby-tls (~> 2.1)

PATH
  remote: .
  specs:
    bespoked (0.1.0)
      http_parser.rb
      libuv
      rack
      yajl-ruby

GEM
  remote: https://rubygems.org/
  specs:
    concurrent-ruby (1.0.2)
    ffi (1.9.14)
    ffi-compiler (1.0.1)
      ffi (>= 1.0.0)
      rake
    http_parser.rb (0.6.0)
    minitest (5.7.0)
    rack (1.6.4)
    rake (11.3.0)
    ruby-tls (2.1.2)
      ffi-compiler (>= 0.0.2)
      thread_safe
    thread_safe (0.3.5)
    yajl-ruby (1.3.0)

PLATFORMS
  ruby

DEPENDENCIES
  bespoked!
  libuv!
  minitest (= 5.7.0)

BUNDLED WITH
   1.13.6
