GIT
  remote: https://github.com/mavenlink/libuv.git
  revision: f3bdde6ce47c60b06855ae2becabe74ee1bc6444
  branch: fix-error-trap-in-timer
  specs:
    libuv (2.0.8)
      ffi (>= 1.9)
      ruby-tls (>= 2.0.0)
      thread_safe

GEM
  remote: https://rubygems.org/
  specs:
    ffi (1.9.14)
    ffi-compiler (1.0.1)
      ffi (>= 1.0.0)
      rake
    http_parser.rb (0.6.0)
    minitest (5.7.0)
    rake (11.2.2)
    ruby-tls (2.1.2)
      ffi-compiler (>= 0.0.2)
      thread_safe
    thread_safe (0.3.5)
    yajl-ruby (1.2.1)

PLATFORMS
  ruby

DEPENDENCIES
  http_parser.rb
  libuv!
  minitest (= 5.7.0)
  yajl-ruby
