GIT
  remote: https://github.com/mavenlink/libuv.git
  revision: d2b49778ec53252372dd3ac527b97a0367d73f4b
  branch: fix-uv-tcp-bind-argument-map
  specs:
    libuv (3.0.0)
      concurrent-ruby (~> 1.0)
      ffi (~> 1.9)
      ruby-tls (~> 2.1)

GEM
  remote: https://rubygems.org/
  specs:
    concurrent-ruby (1.0.2)
    ffi (1.9.14)
    ffi-compiler (1.0.1)
      ffi (>= 1.0.0)
      rake
    http_parser.rb (0.6.0)
    minitest (5.7.0)
    rack (1.6.4)
    rake (11.3.0)
    ruby-tls (2.1.2)
      ffi-compiler (>= 0.0.2)
      thread_safe
    thread_safe (0.3.5)
    yajl-ruby (1.2.1)

PLATFORMS
  ruby

DEPENDENCIES
  http_parser.rb
  libuv!
  minitest (= 5.7.0)
  rack
  yajl-ruby
