GEM
  remote: https://rubygems.org/
  specs:
    yajl-ruby (1.4.1)

PLATFORMS
  ruby

DEPENDENCIES
  yajl-ruby

BUNDLED WITH
   1.16.1
