GIT
  remote: https://github.com/diclophis/syncretizer.git
  revision: 4e88c46fbe89e732c50f1192a16a665d2f9298c6
  branch: master
  specs:
    syncretizer (0.0.1)
      hana

GIT
  remote: https://github.com/mavenlink/libuv.git
  revision: 6a0e1f97b22c0665dafcb4e40d80aa50dca49c4c
  branch: master
  specs:
    libuv (3.1.4)
      concurrent-ruby (~> 1.0)
      ffi (~> 1.9)
      ruby-tls (~> 2.1)

PATH
  remote: .
  specs:
    bespoked (0.1.0)
      http_parser.rb
      libuv
      rack
      yajl-ruby

GEM
  remote: https://rubygems.org/
  specs:
    concurrent-ruby (1.0.4)
    ffi (1.9.17)
    ffi-compiler (1.0.1)
      ffi (>= 1.0.0)
      rake
    hana (1.3.2)
    http_parser.rb (0.6.0)
    minitest (5.7.0)
    rack (1.6.4)
    rake (12.0.0)
    ruby-tls (2.3.0)
      concurrent-ruby (~> 1.0)
      ffi-compiler (>= 1.0, < 2.0)
    yajl-ruby (1.3.0)

PLATFORMS
  ruby

DEPENDENCIES
  bespoked!
  libuv!
  minitest (= 5.7.0)
  syncretizer!

BUNDLED WITH
   1.13.6
